NUGET
  remote: https://www.nuget.org/api/v2
    NEventStore (5.2)
